GEM
  remote: https://rubygems.org/
  specs:
    diff-lcs (1.5.0)
    fusuma (2.5.1)
    rspec (3.12.0)
      rspec-core (~> 3.12.0)
      rspec-expectations (~> 3.12.0)
      rspec-mocks (~> 3.12.0)
    rspec-core (3.12.2)
      rspec-support (~> 3.12.0)
    rspec-expectations (3.12.3)
      diff-lcs (>= 1.2.0, < 2.0)
      rspec-support (~> 3.12.0)
    rspec-mocks (3.12.5)
      diff-lcs (>= 1.2.0, < 2.0)
      rspec-support (~> 3.12.0)
    rspec-support (3.12.0)
    timecop (0.9.6)

PLATFORMS
  x86_64-linux

DEPENDENCIES
  fusuma (~> 2.5)
  rspec (~> 3.12)
  timecop (~> 0.9.6)

BUNDLED WITH
   2.2.33
